GEM
  remote: https://rubygems.org/
  specs:
    RubyInline (3.12.2)
      ZenTest (~> 4.3)
    ZenTest (4.9.4)
    activemodel (4.0.0)
      activesupport (= 4.0.0)
      builder (~> 3.1.0)
    activerecord (4.0.0)
      activemodel (= 4.0.0)
      activerecord-deprecated_finders (~> 1.0.2)
      activesupport (= 4.0.0)
      arel (~> 4.0.0)
    activerecord-deprecated_finders (1.0.3)
    activesupport (4.0.0)
      i18n (~> 0.6, >= 0.6.4)
      minitest (~> 4.2)
      multi_json (~> 1.3)
      thread_safe (~> 0.1)
      tzinfo (~> 0.3.37)
    arel (4.0.0)
    atomic (1.1.10)
    builder (3.1.4)
    daemons (1.1.9)
    diff-lcs (1.1.3)
    eventmachine (1.0.3)
    fiber_pool (1.0.0)
    httpclient (2.3.4.1)
    i18n (0.6.4)
    mini_portile (0.5.1)
    minitest (4.7.5)
    multi_json (1.7.7)
    mysql (2.9.1)
    nokogiri (1.6.0)
      mini_portile (~> 0.5.0)
    puma (2.4.0)
      rack (>= 1.1, < 2.0)
    rack (1.4.1)
    rack-rewrite (1.4.01)
    rack-slashenforce (0.0.2)
      rack
    rspec (2.12.0)
      rspec-core (~> 2.12.0)
      rspec-expectations (~> 2.12.0)
      rspec-mocks (~> 2.12.0)
    rspec-core (2.12.1)
    rspec-expectations (2.12.0)
      diff-lcs (~> 1.1.3)
    rspec-mocks (2.12.0)
    socket_accept_filter (1.0.0)
      RubyInline (>= 3.5.0)
    socket_sendfile (1.1.0)
      RubyInline (>= 3.4.0)
    thin (1.5.1)
      daemons (>= 1.0.9)
      eventmachine (>= 0.12.6)
      rack (>= 1.0.0)
    thread_safe (0.1.0)
      atomic
    tzinfo (0.3.37)
    webrick-high-performance (1.0.0)
      socket_accept_filter (>= 1.0.0)
      socket_sendfile (>= 1.1.0)

PLATFORMS
  ruby

DEPENDENCIES
  activerecord (~> 4.0.0)
  fiber_pool
  httpclient
  mysql (~> 2.9.1)
  nokogiri
  puma (~> 2.4.0)
  rack
  rack-rewrite
  rack-slashenforce
  rspec
  thin
  webrick-high-performance (~> 1.0.0)
